GEM
  remote: http://rubygems.org/
  specs:
    bluecloth (2.2.0)
    builder (3.0.0)
    cucumber (1.2.0)
      builder (>= 2.1.2)
      diff-lcs (>= 1.1.3)
      gherkin (~> 2.10.0)
      json (>= 1.4.6)
    daemons (1.1.8)
    diff-lcs (1.1.3)
    eventmachine (0.12.10)
    gherkin (2.10.0)
      json (>= 1.4.6)
    git (1.2.5)
    httpclient (2.2.5)
    jeweler (1.6.4)
      bundler (~> 1.0)
      git (>= 1.2.5)
      rake
    json (1.7.3)
    metaclass (0.0.1)
    minitest (2.11.4)
    mocha (0.11.4)
      metaclass (~> 0.0.1)
    oauth (0.4.6)
    rack (1.4.1)
    rack-proxy (0.3.7)
      rack
    rack-test (0.6.1)
      rack (>= 1.0)
    rake (0.9.2.2)
    rcov (0.9.11)
    thin (1.3.1)
      daemons (>= 1.0.9)
      eventmachine (>= 0.12.6)
      rack (>= 1.0.0)
    thor (0.14.6)
    yajl-ruby (1.1.0)
    yard (0.6.8)

PLATFORMS
  ruby

DEPENDENCIES
  bluecloth
  bundler (~> 1.0.0)
  cucumber
  httpclient (~> 2.2.4)
  jeweler (~> 1.6.4)
  minitest (~> 2.11.0)
  mocha
  oauth (~> 0.4.5)
  rack (~> 1.3)
  rack-proxy (~> 0.3.7)
  rack-test
  rcov (< 1.0)
  thin (>= 1.2.0)
  thor (~> 0.14.0)
  yajl-ruby (>= 0.8.2)
  yard (~> 0.6.0)
